PATH
  remote: .
  specs:
    active_merchant_buckaroo (0.0.6)
      activemerchant
      nokogiri
      rack
      rspec

GEM
  remote: http://rubygems.org/
  specs:
    active_utils (1.0.5)
      activesupport (>= 2.3.11)
      i18n
    activemerchant (1.29.3)
      active_utils (>= 1.0.2)
      activesupport (>= 2.3.14)
      builder (>= 2.0.0)
      i18n
      json (>= 1.5.1)
      money
      nokogiri
    activesupport (3.2.12)
      i18n (~> 0.6)
      multi_json (~> 1.0)
    builder (3.0.4)
    diff-lcs (1.1.3)
    i18n (0.6.4)
    json (1.7.7)
    money (5.1.0)
      i18n (~> 0.6.0)
    multi_json (1.7.3)
    nokogiri (1.5.6)
    rack (1.5.2)
    rspec (2.12.0)
      rspec-core (~> 2.12.0)
      rspec-expectations (~> 2.12.0)
      rspec-mocks (~> 2.12.0)
    rspec-core (2.12.2)
    rspec-expectations (2.12.1)
      diff-lcs (~> 1.1.3)
    rspec-mocks (2.12.2)

PLATFORMS
  ruby

DEPENDENCIES
  active_merchant_buckaroo!
