PATH
  remote: .
  specs:
    active_merchant_buckaroo (0.2.0)
      activemerchant
      bigdecimal
      nokogiri
      rack
      rspec

GEM
  remote: http://rubygems.org/
  specs:
    active_utils (1.0.5)
      activesupport (>= 2.3.11)
      i18n
    activemerchant (1.29.3)
      active_utils (>= 1.0.2)
      activesupport (>= 2.3.14)
      builder (>= 2.0.0)
      i18n
      json (>= 1.5.1)
      money
      nokogiri
    activesupport (4.0.3)
      i18n (~> 0.6, >= 0.6.4)
      minitest (~> 4.2)
      multi_json (~> 1.3)
      thread_safe (~> 0.1)
      tzinfo (~> 0.3.37)
    atomic (1.1.15)
    bigdecimal (1.2.3)
    builder (3.1.4)
    diff-lcs (1.2.5)
    i18n (0.6.9)
    json (1.8.1)
    mini_portile (0.5.3)
    minitest (4.7.5)
    money (5.1.1)
      i18n (~> 0.6.0)
    multi_json (1.9.2)
    nokogiri (1.6.1)
      mini_portile (~> 0.5.0)
    rack (1.5.2)
    rspec (2.14.1)
      rspec-core (~> 2.14.0)
      rspec-expectations (~> 2.14.0)
      rspec-mocks (~> 2.14.0)
    rspec-core (2.14.8)
    rspec-expectations (2.14.5)
      diff-lcs (>= 1.1.3, < 2.0)
    rspec-mocks (2.14.6)
    thread_safe (0.2.0)
      atomic (>= 1.1.7, < 2)
    tzinfo (0.3.39)

PLATFORMS
  ruby

DEPENDENCIES
  active_merchant_buckaroo!
